GEM
  remote: https://rubygems.org/
  specs:
    btree (0.0.0)

PLATFORMS
  ruby

DEPENDENCIES
  btree
